STORAGE: NONE
NUGET
  remote: https://api.nuget.org/v3/index.json
    Fable.Core (4.0) - restriction: >= net7.0
    Fable.Parsimmon (4.1) - restriction: >= net7.0
      Fable.Core (>= 3.0) - restriction: >= netstandard2.0
      FSharp.Core (>= 4.6.2) - restriction: >= netstandard2.0
    Fable.Promise (3.2) - restriction: >= net7.0
      Fable.Core (>= 3.7.1) - restriction: >= netstandard2.0
      FSharp.Core (>= 4.7.2) - restriction: >= netstandard2.0
    Fable.Remoting.MsgPack (1.18) - restriction: >= net7.0
      FSharp.Core (>= 4.7.2) - restriction: || (>= net462) (>= netstandard2.0)
    Fable.SimpleJson (3.24) - restriction: >= net7.0
      Fable.Core (>= 3.1.5) - restriction: >= netstandard2.0
      Fable.Parsimmon (>= 4.0) - restriction: >= netstandard2.0
      FSharp.Core (>= 4.7) - restriction: >= netstandard2.0
    FSharp.Core (7.0.200) - restriction: >= net7.0
  remote: paket-files/github.com/mrakgr/Rebuild.Fable.SignalR/nupkgs
    Rebuild.Fable.SignalR (1.0.0)
      Fable.Core (>= 4.0) - restriction: >= net7.0
      Fable.Promise (>= 3.2) - restriction: >= net7.0
      Fable.Remoting.MsgPack (>= 1.18) - restriction: >= net7.0
      Fable.SimpleJson (>= 3.24) - restriction: >= net7.0
      FSharp.Core (>= 7.0.200) - restriction: >= net7.0
GIT
  remote: https://github.com/mrakgr/Rebuild.Fable.SignalR.git
     (96ca7742e46be568bb581cc82cfe33bd953f7f6c)
      path: /nupkgs/